GEM
  remote: http://rubygems.org/
  specs:
    addressable (2.3.3)
    aggregate (0.2.2)
    ansi (1.4.3)
    brock (0.1.5)
    bson (1.8.3)
    bson_ext (1.8.3)
      bson (~> 1.8.3)
    bugsnag (1.2.18)
      httparty (>= 0.6, < 1.0)
      multi_json (~> 1.0)
    builder (3.2.0)
    coderay (1.0.9)
    colored (1.2)
    cookiejar (0.3.0)
    craftbelt (0.0.6)
      nbtfile
    em-hiredis (0.1.1)
      hiredis (~> 0.4.0)
    em-http-request (1.0.3)
      addressable (>= 2.2.3)
      cookiejar
      em-socksify
      eventmachine (>= 1.0.0.beta.4)
      http_parser.rb (>= 0.5.3)
    em-socksify (0.2.1)
      eventmachine (>= 1.0.0.beta.4)
    eventmachine (1.0.0.beta.4)
    excon (0.12.0)
    faraday (0.8.6)
      multipart-post (~> 1.1)
    fog (1.2.0)
      builder
      excon (~> 0.12.0)
      formatador (~> 0.2.0)
      mime-types
      multi_json (~> 1.0)
      net-scp (~> 1.0.4)
      net-ssh (>= 2.1.3)
      nokogiri (~> 1.5.0)
      ruby-hmac
    formatador (0.2.4)
    hiredis (0.4.5)
    http_parser.rb (0.5.3)
    httparty (0.10.2)
      multi_json (~> 1.0)
      multi_xml (>= 0.5.2)
    librato-metrics (1.0.3)
      aggregate (~> 0.2.2)
      faraday (~> 0.7)
      multi_json
    macaddr (1.6.1)
      systemu (~> 2.5.0)
    method_source (0.8.1)
    mime-types (1.21)
    mongo (1.8.3)
      bson (~> 1.8.3)
    multi_json (1.6.1)
    multi_xml (0.5.3)
    multipart-post (1.2.0)
    nbtfile (0.2.0)
    net-scp (1.0.4)
      net-ssh (>= 1.99.1)
    net-ssh (2.6.6)
    nokogiri (1.5.6)
    pg (0.14.1)
    pry (0.9.12)
      coderay (~> 1.0.5)
      method_source (~> 0.8)
      slop (~> 3.4)
    rack (1.5.2)
    rack-protection (1.5.0)
      rack
    rake (10.0.3)
    redis (3.0.3)
    redis-namespace (1.2.1)
      redis (~> 3.0.0)
    resque (1.23.1)
      multi_json (~> 1.0)
      redis-namespace (~> 1.0)
      sinatra (>= 0.9.2)
      vegas (~> 0.1.2)
    ruby-hmac (0.4.0)
    rubyzip (0.9.9)
    scrolls (0.2.4)
    sinatra (1.4.1)
      rack (~> 1.5, >= 1.5.2)
      rack-protection (~> 1.4)
      tilt (~> 1.3, >= 1.3.4)
    slop (3.4.4)
    systemu (2.5.2)
    tilt (1.3.5)
    turn (0.9.6)
      ansi
    uuid (2.3.7)
      macaddr (~> 1.0)
    vegas (0.1.11)
      rack (>= 1.0.0)
    yajl-ruby (1.1.0)

PLATFORMS
  ruby

DEPENDENCIES
  brock
  bson_ext (~> 1.8.0)
  bugsnag
  colored
  craftbelt
  em-hiredis (~> 0.1.1)
  em-http-request
  eventmachine (= 1.0.0.beta.4)
  fog (~> 1.2.0)
  hiredis (~> 0.4.0)
  librato-metrics
  mongo (~> 1.8.0)
  nbtfile
  net-scp (= 1.0.4)
  pg
  pry
  rake
  redis (>= 2.2.0)
  resque
  rubyzip
  scrolls
  turn
  uuid
  yajl-ruby
