GEM
  remote: https://rubygems.org/
  specs:
    colored (1.2)
    redis (3.0.2)

PLATFORMS
  ruby

DEPENDENCIES
  colored
  redis
