GIT
  remote: https://github.com/joshbuddy/em-spec.git
  revision: 0bcda6ec7b72b21408806743b01c2027fdad9984
  specs:
    em-spec (0.2.6)
      bacon
      eventmachine
      rspec (> 2.6.0)
      test-unit

GEM
  remote: http://rubygems.org/
  specs:
    ZenTest (4.4.2)
    addressable (2.3.2)
    autotest-growl (0.2.16)
    bacon (1.1.0)
    bson (1.7.0)
    bson_ext (1.7.0)
      bson (~> 1.7.0)
    builder (3.1.4)
    coderay (1.0.8)
    colored (1.2)
    cookiejar (0.3.0)
    diff-lcs (1.1.3)
    em-hiredis (0.1.1)
      hiredis (~> 0.4.0)
    em-http-request (1.0.3)
      addressable (>= 2.2.3)
      cookiejar
      em-socksify
      eventmachine (>= 1.0.0.beta.4)
      http_parser.rb (>= 0.5.3)
    em-socksify (0.2.1)
      eventmachine (>= 1.0.0.beta.4)
    eventmachine (1.0.0.beta.4)
    exceptional (2.0.33)
      rack
    excon (0.12.0)
    fakeredis (0.4.1)
      redis (~> 3.0.0)
    fog (1.2.0)
      builder
      excon (~> 0.12.0)
      formatador (~> 0.2.0)
      mime-types
      multi_json (~> 1.0)
      net-scp (~> 1.0.4)
      net-ssh (>= 2.1.3)
      nokogiri (~> 1.5.0)
      ruby-hmac
    foreman (0.60.2)
      thor (>= 0.13.6)
    formatador (0.2.4)
    hirb (0.7.0)
    hiredis (0.4.5)
    http_parser.rb (0.5.3)
    launchy (2.1.2)
      addressable (~> 2.3)
    macaddr (1.6.1)
      systemu (~> 2.5.0)
    method_source (0.8.1)
    mime-types (1.19)
    mongo (1.7.0)
      bson (~> 1.7.0)
    multi_json (1.3.7)
    net-scp (1.0.4)
      net-ssh (>= 1.99.1)
    net-ssh (2.6.1)
    nokogiri (1.5.5)
    pry (0.9.10)
      coderay (~> 1.0.5)
      method_source (~> 0.8)
      slop (~> 3.3.1)
    rack (1.4.1)
    rake (10.0.0)
    redis (3.0.2)
    rr (1.0.4)
    rspec (2.12.0)
      rspec-core (~> 2.12.0)
      rspec-expectations (~> 2.12.0)
      rspec-mocks (~> 2.12.0)
    rspec-core (2.12.0)
    rspec-expectations (2.12.0)
      diff-lcs (~> 1.1.3)
    rspec-mocks (2.12.0)
    ruby-hmac (0.4.0)
    slop (3.3.3)
    systemu (2.5.2)
    test-unit (2.5.2)
    thor (0.16.0)
    timecop (0.3.5)
    uuid (2.3.5)
      macaddr (~> 1.0)

PLATFORMS
  ruby

DEPENDENCIES
  ZenTest (~> 4.4.2)
  autotest-growl
  bson_ext
  colored
  em-hiredis (~> 0.1.1)
  em-http-request
  em-spec!
  eventmachine (= 1.0.0.beta.4)
  exceptional
  fakeredis
  fog (~> 1.2.0)
  foreman
  hirb
  hiredis (~> 0.4.0)
  launchy
  mongo
  pry
  rake
  redis (>= 2.2.0)
  rr (~> 1.0.3)
  rspec
  timecop (~> 0.3.5)
  uuid
